GIT
  remote: https://github.com/jstorimer/kitabu
  revision: e9e9bc0d225b64dceb11400f375df210bbadb7b3
  specs:
    kitabu (1.0.0.rc1)
      RedCloth (~> 4.2)
      activesupport (~> 3.0)
      eeepub-with-cover-support (~> 0.8)
      i18n (~> 0.5)
      nokogiri (~> 1.5)
      notifier (~> 0.1)
      pygments.rb (~> 0.2)
      rdiscount (~> 1.6)
      thor (~> 0.14)
      watchr (~> 0.7)

GEM
  remote: https://rubygems.org/
  specs:
    RedCloth (4.2.9)
    activesupport (3.2.6)
      i18n (~> 0.6)
      multi_json (~> 1.0)
    blankslate (2.1.2.4)
    builder (3.0.0)
    chunky_png (1.2.5)
    compass (0.12.1)
      chunky_png (~> 1.2)
      fssm (>= 0.2.7)
      sass (~> 3.1)
    doc_raptor (0.3.2)
      httparty (>= 0.7.0)
    eeepub-with-cover-support (0.8.7)
      builder
      rubyzip
    ffi (1.0.11)
    fssm (0.2.9)
    httparty (0.8.3)
      multi_json (~> 1.0)
      multi_xml
    i18n (0.6.0)
    mini_portile2 (2.8.0)
    multi_json (1.3.6)
    multi_xml (0.4.4)
    nokogiri (1.13.4)
      mini_portile2 (~> 2.8.0)
      racc (~> 1.4)
    notifier (0.2.1)
    pygments.rb (0.2.12)
      rubypython (~> 0.5.3)
    racc (1.6.0)
    rake (0.9.2.2)
    rdiscount (1.6.8)
    rubypython (0.5.3)
      blankslate (>= 2.1.2.3)
      ffi (~> 1.0.7)
    rubyzip (0.9.8)
    sass (3.1.19)
    thor (0.15.2)
    watchr (0.7)

PLATFORMS
  ruby

DEPENDENCIES
  compass
  doc_raptor
  kitabu!
  rake
